GIT
  remote: http://github.com/MatthewHager/guard-rails_best_practices.git
  revision: 3506ddbe0a8cca25566c714ddb07fa721b3889f6
  specs:
    guard-rails_best_practices (0.1.2)
      activesupport
      guard (>= 0.8.4)
      rails_best_practices (>= 1.1.0)

GIT
  remote: http://github.com/guard/guard-annotate.git
  revision: cd736bc6c2af11fa1c5504188b0d3597f17b6367
  specs:
    guard-annotate (0.9.2)
      annotate (>= 2.4.0)
      guard (>= 0.2.2)

GIT
  remote: http://github.com/guard/guard-rails.git
  revision: 70d76d166d8dbd002622829c576cf43659a515be
  specs:
    guard-rails (0.0.4)
      guard (>= 0.2.2)

GIT
  remote: http://github.com/guard/guard-rspec.git
  revision: a0abbc109fd6361a42ba4f5bab76f96c7a5f67ce
  specs:
    guard-rspec (0.6.0)
      guard (>= 0.10.0)

GIT
  remote: http://github.com/rtlong/tailor.git
  revision: e3b2062c35d50e88c30d636598246ca6b302adc1
  specs:
    tailor (0.1.5)
      term-ansicolor (>= 1.0.5)

GIT
  remote: https://github.com/fxposter/nested_form.git
  revision: 485d20acc2385583571d8dc4ab709a1a7d69d0b3
  specs:
    nested_form (0.1.1)

GIT
  remote: https://github.com/railsbp/rails_best_practices.git
  revision: f0efe685db842646d08bb7459e0833ba142117be
  specs:
    rails_best_practices (1.7.2)
      activesupport
      colored
      erubis
      i18n
      progressbar
      sexp_processor

GIT
  remote: https://github.com/rtlong/whereuat.git
  revision: 47c0b9ab8d0f6c7f2be69d552dd42b17468dc0be
  specs:
    whereuat (0.1.0)
      haml (>= 2.2.0)
      pivotal-tracker (>= 0.1.3)
      rack (>= 1.0.0)

GEM
  remote: http://rubygems.org/
  specs:
    actionmailer (3.1.3)
      actionpack (= 3.1.3)
      mail (~> 2.3.0)
    actionpack (3.1.3)
      activemodel (= 3.1.3)
      activesupport (= 3.1.3)
      builder (~> 3.0.0)
      erubis (~> 2.7.0)
      i18n (~> 0.6)
      rack (~> 1.3.5)
      rack-cache (~> 1.1)
      rack-mount (~> 0.8.2)
      rack-test (~> 0.6.1)
      sprockets (~> 2.0.3)
    active_reload (0.6.1)
    activemodel (3.1.3)
      activesupport (= 3.1.3)
      builder (~> 3.0.0)
      i18n (~> 0.6)
    activerecord (3.1.3)
      activemodel (= 3.1.3)
      activesupport (= 3.1.3)
      arel (~> 2.2.1)
      tzinfo (~> 0.3.29)
    activeresource (3.1.3)
      activemodel (= 3.1.3)
      activesupport (= 3.1.3)
    activesupport (3.1.3)
      multi_json (~> 1.0)
    addressable (2.2.6)
    annotate (2.4.0)
    arel (2.2.1)
    bcrypt-ruby (3.0.1)
    builder (3.0.0)
    cancan (1.6.7)
    capybara (1.1.2)
      mime-types (>= 1.16)
      nokogiri (>= 1.3.3)
      rack (>= 1.0.0)
      rack-test (>= 0.5.4)
      selenium-webdriver (~> 2.0)
      xpath (~> 0.1.4)
    carrierwave (0.5.8)
      activesupport (~> 3.0)
    childprocess (0.3.0)
      ffi (~> 1.0.6)
    coffee-rails (3.1.1)
      coffee-script (>= 2.2.0)
      railties (~> 3.1.0)
    coffee-script (2.2.0)
      coffee-script-source
      execjs
    coffee-script-source (1.2.0)
    colored (1.2)
    cucumber (1.1.4)
      builder (>= 2.1.2)
      diff-lcs (>= 1.1.2)
      gherkin (~> 2.7.1)
      json (>= 1.4.6)
      term-ansicolor (>= 1.0.6)
    cucumber-rails (1.2.1)
      capybara (>= 1.1.2)
      cucumber (>= 1.1.3)
      nokogiri (>= 1.5.0)
    daemons (1.1.6)
    database_cleaner (0.7.1)
    diff-lcs (1.1.3)
    erubis (2.7.0)
    eventmachine (0.12.10)
    execjs (1.3.0)
      multi_json (~> 1.0)
    factory_girl (2.5.0)
      activesupport
    factory_girl_rails (1.6.0)
      factory_girl (~> 2.5.0)
      railties (>= 3.0.0)
    faker (1.0.1)
      i18n (~> 0.4)
    ffi (1.0.11)
    frontend-helpers (0.1.1)
      haml-rails
      rails (~> 3.1.0)
      sass-rails
      sprockets
    gherkin (2.7.4)
      json (>= 1.4.6)
    guard (1.0.0)
      ffi (>= 0.5.0)
      thor (~> 0.14.6)
    guard-bundler (0.1.3)
      bundler (>= 1.0.0)
      guard (>= 0.2.2)
    guard-cucumber (0.7.5)
      cucumber (>= 0.10)
      guard (>= 0.8.3)
    guard-spork (0.5.1)
      guard (>= 0.10.0)
      spork (>= 0.8.4)
    haml (3.1.4)
    haml-rails (0.3.4)
      actionpack (~> 3.0)
      activesupport (~> 3.0)
      haml (~> 3.0)
      railties (~> 3.0)
    happymapper (0.4.0)
      libxml-ruby (~> 2.0)
    hike (1.2.1)
    i18n (0.6.0)
    jquery-rails (1.0.19)
      railties (~> 3.0)
      thor (~> 0.14)
    json (1.6.5)
    launchy (2.0.5)
      addressable (~> 2.2.6)
    libnotify (0.7.2)
    libxml-ruby (2.2.2)
    liquid (2.3.0)
    mail (2.3.0)
      i18n (>= 0.4.0)
      mime-types (~> 1.16)
      treetop (~> 1.4.8)
    mime-types (1.17.2)
    multi_json (1.0.4)
    newrelic_rpm (3.3.1)
    nokogiri (1.5.0)
    pg (0.12.2)
    pivotal-tracker (0.4.1)
      builder
      builder
      happymapper (>= 0.3.2)
      happymapper (>= 0.3.2)
      nokogiri (>= 1.4.3)
      nokogiri (~> 1.4)
      rest-client (~> 1.6.0)
      rest-client (~> 1.6.0)
    polyglot (0.3.3)
    populator (1.0.0)
    progressbar (0.9.2)
    rack (1.3.6)
    rack-cache (1.1)
      rack (>= 0.4)
    rack-mount (0.8.3)
      rack (>= 1.0.0)
    rack-ssl (1.3.2)
      rack
    rack-test (0.6.1)
      rack (>= 1.0)
    rack-webconsole (0.1.2)
      json
      rack
    rails (3.1.3)
      actionmailer (= 3.1.3)
      actionpack (= 3.1.3)
      activerecord (= 3.1.3)
      activeresource (= 3.1.3)
      activesupport (= 3.1.3)
      bundler (~> 1.0)
      railties (= 3.1.3)
    railties (3.1.3)
      actionpack (= 3.1.3)
      activesupport (= 3.1.3)
      rack-ssl (~> 1.3.2)
      rake (>= 0.8.7)
      rdoc (~> 3.4)
      thor (~> 0.14.6)
    rake (0.9.2.2)
    rb-inotify (0.8.8)
      ffi (>= 0.5.0)
    rdoc (3.12)
      json (~> 1.4)
    rest-client (1.6.7)
      mime-types (>= 1.16)
    rspec (2.8.0)
      rspec-core (~> 2.8.0)
      rspec-expectations (~> 2.8.0)
      rspec-mocks (~> 2.8.0)
    rspec-core (2.8.0)
    rspec-expectations (2.8.0)
      diff-lcs (~> 1.1.2)
    rspec-mocks (2.8.0)
    rspec-rails (2.8.1)
      actionpack (>= 3.0)
      activesupport (>= 3.0)
      railties (>= 3.0)
      rspec (~> 2.8.0)
    rubyzip (0.9.5)
    sass (3.1.12)
    sass-rails (3.1.5)
      actionpack (~> 3.1.0)
      railties (~> 3.1.0)
      sass (~> 3.1.10)
      tilt (~> 1.3.2)
    selenium-webdriver (2.17.0)
      childprocess (>= 0.2.5)
      ffi (~> 1.0.9)
      multi_json (~> 1.0.4)
      rubyzip
    sexp_processor (3.0.10)
    simple_form (1.5.2)
      actionpack (~> 3.0)
      activemodel (~> 3.0)
    spork (0.9.0)
    sprockets (2.0.3)
      hike (~> 1.2)
      rack (~> 1.0)
      tilt (~> 1.1, != 1.3.0)
    term-ansicolor (1.0.7)
    thin (1.3.1)
      daemons (>= 1.0.9)
      eventmachine (>= 0.12.6)
      rack (>= 1.0.0)
    thor (0.14.6)
    tilt (1.3.3)
    treetop (1.4.10)
      polyglot
      polyglot (>= 0.3.1)
    tzinfo (0.3.31)
    uglifier (1.2.2)
      execjs (>= 0.3.0)
      multi_json (>= 1.0.2)
    xpath (0.1.4)
      nokogiri (~> 1.3)

PLATFORMS
  ruby

DEPENDENCIES
  active_reload
  annotate
  bcrypt-ruby (>= 3.0.0)
  cancan
  capybara
  carrierwave
  coffee-rails (>= 3.1.1)
  cucumber-rails
  database_cleaner
  factory_girl_rails
  faker
  frontend-helpers
  guard (>= 0.10.0)
  guard-annotate!
  guard-bundler
  guard-cucumber
  guard-rails!
  guard-rails_best_practices (>= 0.1.2)!
  guard-rspec!
  guard-spork
  haml
  jquery-rails
  launchy
  libnotify
  liquid
  nested_form!
  newrelic_rpm
  pg
  populator
  rack-webconsole
  rails (>= 3.1.1)
  rails_best_practices!
  rb-inotify
  rspec-rails
  sass
  sass-rails (>= 3.1.4)
  simple_form
  spork (>= 0.9.0)
  tailor!
  thin
  uglifier (>= 1.0.3)
  whereuat!
